GEM
  remote: http://gemcutter.org/
  remote: http://gems.github.com/
  remote: http://sulair-rails-dev.stanford.edu/
  specs:
    actionpack (2.3.9)
      activesupport (= 2.3.9)
      rack (~> 1.1.0)
    active-fedora (1.2.4)
      mime-types (>= 1.16)
      multipart-post
      nokogiri
      om (>= 1.0)
      solr-ruby (>= 0.0.6)
      xml-simple (>= 1.0.12)
    activesupport (2.3.9)
    bagit (0.1.0)
      semver (~> 0.1.0)
    builder (2.1.2)
    columnize (0.3.1)
    cucumber (0.8.5)
      builder (~> 2.1.2)
      diff-lcs (~> 1.1.2)
      gherkin (~> 2.1.4)
      json_pure (~> 1.4.3)
      term-ansicolor (~> 1.0.4)
    diff-lcs (1.1.2)
    facets (2.8.4)
    gemcutter (0.6.1)
    gherkin (2.1.5)
      trollop (~> 1.16.2)
    git (1.2.5)
    haml (2.2.24)
    hanna (0.1.12)
      haml (~> 2.2.8)
      rake (~> 0.8.2)
      rdoc (~> 2.3.0)
    jeweler (1.4.0)
      gemcutter (>= 0.1.0)
      git (>= 1.2.5)
      rubyforge (>= 2.0.0)
    json_pure (1.4.6)
    linecache (0.43)
    lyber-core (0.9.5.2)
      actionpack (= 2.3.9)
      active-fedora (>= 1.2)
      activesupport (= 2.3.9)
      bagit (>= 0.1.0)
      bundler (>= 1.0.0)
      columnize (= 0.3.1)
      facets (= 2.8.4)
      gemcutter (= 0.6.1)
      git (= 1.2.5)
      haml
      jeweler (>= 1.4)
      json_pure
      linecache
      mime-types (= 1.16)
      multipart-post (>= 1.0.1)
      nokogiri (>= 1.4.3.1)
      om
      rake (>= 0.8.7)
      rdoc (>= 2.3.0)
      roxml (>= 3.1.5)
      rspec
      ruby-debug
      rubyforge (= 2.0.4)
      semver
      solr-ruby
      systemu (>= 1.2.0)
      validatable
      xml-simple
    mime-types (1.16)
    multipart-post (1.0.1)
    nokogiri (1.4.3.1)
    om (1.0.0)
      facets
      nokogiri (>= 1.4.2)
    rack (1.1.0)
    rack-test (0.5.4)
      rack (>= 1.0)
    rake (0.8.7)
    rcov (0.9.8)
    rdoc (2.3.0)
    roxml (3.1.5)
      activesupport (>= 2.3.0)
      nokogiri (>= 1.3.3)
    rspec (1.3.0)
    ruby-debug (0.10.3)
      columnize (>= 0.1)
      ruby-debug-base (~> 0.10.3.0)
    ruby-debug-base (0.10.3)
      linecache (>= 0.3)
    rubyforge (2.0.4)
      json_pure (>= 1.1.7)
    semver (0.1.0)
    solr-ruby (0.0.8)
    solrizer (0.1.2)
      active-fedora (>= 1.1.5)
    systemu (1.2.0)
    term-ansicolor (1.0.5)
    trollop (1.16.2)
    validatable (1.6.7)
    webrat (0.7.1)
      nokogiri (>= 1.2.0)
      rack (>= 1.0)
      rack-test (>= 0.5.3)
    xml-simple (1.0.12)

PLATFORMS
  ruby

DEPENDENCIES
  active-fedora (>= 1.2)
  activesupport (= 2.3.9)
  bagit (= 0.1.0)
  builder (= 2.1.2)
  columnize (= 0.3.1)
  cucumber (= 0.8.5)
  diff-lcs (= 1.1.2)
  facets (= 2.8.4)
  gemcutter (= 0.6.1)
  gherkin (= 2.1.5)
  git (= 1.2.5)
  haml (= 2.2.24)
  hanna (= 0.1.12)
  jeweler (= 1.4.0)
  json_pure (= 1.4.6)
  linecache (= 0.43)
  lyber-core (>= 0.9.5.2)
  mime-types (= 1.16)
  multipart-post (= 1.0.1)
  nokogiri (= 1.4.3.1)
  om
  rack (>= 1.1.0)
  rack-test (= 0.5.4)
  rake (= 0.8.7)
  rcov (= 0.9.8)
  rdoc (= 2.3.0)
  roxml (= 3.1.5)
  rspec (= 1.3.0)
  ruby-debug (= 0.10.3)
  ruby-debug-base (= 0.10.3)
  rubyforge (= 2.0.4)
  semver (= 0.1.0)
  solr-ruby (= 0.0.8)
  solrizer (= 0.1.2)
  systemu (= 1.2.0)
  term-ansicolor (= 1.0.5)
  validatable (= 1.6.7)
  webrat (= 0.7.1)
  xml-simple (= 1.0.12)
