GEM
  remote: https://rubygems.org/
  specs:
    activesupport (3.2.20)
      i18n (~> 0.6, >= 0.6.4)
      multi_json (~> 1.0)
    archive-utils (0.0.1)
      json_pure (~> 1.8)
      systemu (~> 2.6)
    awesome_print (1.2.0)
    blue-daemons (1.1.11)
    bluepill (0.0.68)
      activesupport (>= 3, < 5)
      blue-daemons (~> 1.1.11)
      i18n (~> 0.5)
      state_machine (~> 1.1)
    bundler-audit (0.3.1)
      bundler (~> 1.2)
      thor (~> 0.18)
    capistrano (3.2.1)
      i18n
      rake (>= 10.0.0)
      sshkit (~> 1.3)
    capistrano-bundle_audit (0.0.3)
      bundler-audit
      capistrano (~> 3.0)
    capistrano-bundler (1.1.3)
      capistrano (~> 3.1)
      sshkit (~> 1.2)
    capistrano-one_time_key (0.0.1)
      capistrano (~> 3.0)
    capistrano-releaseboard (0.0.1)
      faraday
    capistrano-rvm (0.1.2)
      capistrano (~> 3.0)
      sshkit (~> 1.2)
    coderay (1.1.0)
    colorize (0.7.3)
    confstruct (0.2.7)
    diff-lcs (1.2.5)
    dor-workflow-service (1.7.2)
      activesupport (~> 3.2)
      confstruct (~> 0.2.7)
      nokogiri (~> 1.6.0)
      rest-client (~> 1.6.7)
    druid-tools (0.3.1)
    equivalent-xml (0.5.1)
      nokogiri (>= 1.4.3)
    fakeweb (1.3.0)
    faraday (0.9.0)
      multipart-post (>= 1.2, < 3)
    ffi (1.9.6)
    i18n (0.6.11)
    json (1.8.1)
    json_pure (1.8.1)
    lyber-core (3.2.5)
      dor-workflow-service (~> 1.7)
    lyberteam-capistrano-devel (3.1.0)
      capistrano (~> 3.0)
      capistrano-bundle_audit (>= 0.0.3)
      capistrano-one_time_key
      capistrano-releaseboard
    method_source (0.8.2)
    mime-types (1.25.1)
    mini_portile (0.6.0)
    moab-versioning (1.4.1)
      confstruct
      json
      nokogiri
      nokogiri-happymapper
      systemu
    mono_logger (1.1.0)
    multi_json (1.10.1)
    multipart-post (2.0.0)
    net-scp (1.2.1)
      net-ssh (>= 2.6.5)
    net-ssh (2.9.1)
    nokogiri (1.6.3.1)
      mini_portile (= 0.6.0)
    nokogiri-happymapper (0.5.9)
      nokogiri (~> 1.5)
    pry (0.10.1)
      coderay (~> 1.1.0)
      method_source (~> 0.8.1)
      slop (~> 3.4)
    rack (1.5.2)
    rack-protection (1.5.3)
      rack
    rake (10.3.2)
    rdoc (4.1.2)
      json (~> 1.4)
    redis (3.1.0)
    redis-namespace (1.5.1)
      redis (~> 3.0, >= 3.0.4)
    resque (1.25.2)
      mono_logger (~> 1.0)
      multi_json (~> 1.0)
      redis-namespace (~> 1.3)
      sinatra (>= 0.9.2)
      vegas (~> 0.1.2)
    rest-client (1.6.8)
      mime-types (~> 1.16)
      rdoc (>= 2.4.2)
    robot-controller (1.0.2)
      bluepill (~> 0.0.67)
      rake (~> 10.3.2)
      resque (~> 1.25.2)
    rspec (2.99.0)
      rspec-core (~> 2.99.0)
      rspec-expectations (~> 2.99.0)
      rspec-mocks (~> 2.99.0)
    rspec-core (2.99.2)
    rspec-expectations (2.99.2)
      diff-lcs (>= 1.1.3, < 2.0)
    rspec-mocks (2.99.2)
    sdr-replication (0.6.0)
      archive-utils (~> 0.0)
      json_pure (~> 1.8)
      moab-versioning (~> 1.3)
      rest-client (~> 1.6)
    simplecov (0.7.1)
      multi_json (~> 1.0)
      simplecov-html (~> 0.7.1)
    simplecov-html (0.7.1)
    sinatra (1.4.5)
      rack (~> 1.4)
      rack-protection (~> 1.4)
      tilt (~> 1.3, >= 1.3.4)
    slop (3.6.0)
    sshkit (1.5.1)
      colorize
      net-scp (>= 1.1.2)
      net-ssh (>= 2.8.0)
    state_machine (1.2.0)
    sys-filesystem (1.1.3)
      ffi
    systemu (2.6.4)
    thor (0.19.1)
    tilt (1.4.1)
    vegas (0.1.11)
      rack (>= 1.0.0)
    yard (0.8.7.6)

PLATFORMS
  ruby

DEPENDENCIES
  awesome_print
  capistrano (~> 3.1)
  capistrano-bundler (~> 1.1)
  capistrano-rvm (~> 0.1)
  confstruct
  dor-workflow-service (~> 1.7)
  druid-tools
  equivalent-xml
  fakeweb
  json_pure
  lyber-core (~> 3.2)
  lyberteam-capistrano-devel (~> 3.0)
  moab-versioning (~> 1.4)
  nokogiri
  pry
  rake
  rest-client
  robot-controller (~> 1.0)
  rspec (~> 2.14)
  sdr-replication (~> 0.5)
  simplecov (~> 0.7.1)
  sys-filesystem
  yard
