GEM
  remote: http://rubygems.org/
  remote: http://sul-gems.stanford.edu/
  specs:
    activesupport (3.2.18)
      i18n (~> 0.6, >= 0.6.4)
      multi_json (~> 1.0)
    awesome_print (1.2.0)
    capistrano (3.2.1)
      i18n
      rake (>= 10.0.0)
      sshkit (~> 1.3)
    capistrano-bundler (1.1.2)
      capistrano (~> 3.0)
      sshkit (~> 1.2)
    capistrano-holepicker (0.0.1)
      capistrano (~> 3.0)
      holepicker
    capistrano-one_time_key (0.0.1)
      capistrano (~> 3.0)
    capistrano-releaseboard (0.0.1)
      faraday
    confstruct (0.2.7)
    diff-lcs (1.2.5)
    dor-workflow-service (1.6.3)
      activesupport (~> 3.2)
      confstruct (~> 0.2.7)
      nokogiri (~> 1.6.0)
      rest-client (~> 1.6.7)
    druid-tools (0.3.0)
    equivalent-xml (0.4.2)
      nokogiri (>= 1.4.3)
    fakeweb (1.3.0)
    faraday (0.9.0)
      multipart-post (>= 1.2, < 3)
    ffi (1.9.3)
    happymapper (0.4.1)
      libxml-ruby (~> 2.0)
    hashery (2.1.1)
    holepicker (0.3.3)
      json (~> 1.8)
      rainbow (~> 2.0)
    i18n (0.6.9)
    json (1.8.1)
    json_pure (1.8.1)
    libxml-ruby (2.7.0)
    lyber-core (3.2.2)
      dor-workflow-service (~> 1.6, >= 1.6.3)
    lyberteam-capistrano-devel (3.0.0.pre1)
      capistrano (~> 3.0)
      capistrano-holepicker
      capistrano-one_time_key
      capistrano-releaseboard
    mime-types (2.2)
    mini_portile (0.5.3)
    moab-versioning (1.3.3)
      confstruct
      happymapper
      hashery (>= 2.0.0)
      json
      nokogiri
      systemu
    multi_json (1.10.0)
    multipart-post (2.0.0)
    net-scp (1.2.1)
      net-ssh (>= 2.6.5)
    net-ssh (2.9.0)
    nokogiri (1.6.1)
      mini_portile (~> 0.5.0)
    rainbow (2.0.0)
    rake (10.3.1)
    rest-client (1.6.7)
      mime-types (>= 1.16)
    rspec (2.14.1)
      rspec-core (~> 2.14.0)
      rspec-expectations (~> 2.14.0)
      rspec-mocks (~> 2.14.0)
    rspec-core (2.14.8)
    rspec-expectations (2.14.5)
      diff-lcs (>= 1.1.3, < 2.0)
    rspec-mocks (2.14.6)
    simplecov (0.7.1)
      multi_json (~> 1.0)
      simplecov-html (~> 0.7.1)
    simplecov-html (0.7.1)
    sshkit (1.4.0)
      net-scp (>= 1.1.2)
      net-ssh (>= 2.8.0)
      term-ansicolor
    sys-filesystem (1.1.2)
      ffi
    systemu (2.6.4)
    term-ansicolor (1.3.0)
      tins (~> 1.0)
    tins (1.2.0)
    yard (0.8.7.4)

PLATFORMS
  ruby

DEPENDENCIES
  awesome_print
  capistrano-bundler (~> 1.1)
  confstruct
  dor-workflow-service (~> 1.6, >= 1.6.3)
  druid-tools
  equivalent-xml
  fakeweb
  json_pure
  lyber-core (~> 3.2, >= 3.2.2)
  lyberteam-capistrano-devel (= 3.0.0.pre1)
  moab-versioning (~> 1.3)
  nokogiri
  rake
  rest-client
  rspec (~> 2.14)
  simplecov (~> 0.7.1)
  sys-filesystem
  yard
