GEM
  remote: http://rubygems.org/
  remote: http://sul-gems.stanford.edu/
  specs:
    actionmailer (3.2.8)
      actionpack (= 3.2.8)
      mail (~> 2.4.4)
    actionpack (3.2.8)
      activemodel (= 3.2.8)
      activesupport (= 3.2.8)
      builder (~> 3.0.0)
      erubis (~> 2.7.0)
      journey (~> 1.0.4)
      rack (~> 1.4.0)
      rack-cache (~> 1.2)
      rack-test (~> 0.6.1)
      sprockets (~> 2.1.3)
    active-fedora (4.6.0.rc4)
      activeresource (>= 3.0.0)
      activesupport (>= 3.0.0)
      builder (~> 3.0.0)
      deprecation
      equivalent-xml
      mediashelf-loggable
      om (~> 1.7.0.rc2)
      rdf
      rdf-rdfxml (~> 0.3.8)
      rsolr
      rubydora (~> 0.5.13)
      solrizer (~> 2.0.0.rc1)
    activemodel (3.2.8)
      activesupport (= 3.2.8)
      builder (~> 3.0.0)
    activeresource (3.2.8)
      activemodel (= 3.2.8)
      activesupport (= 3.2.8)
    activesupport (3.2.8)
      i18n (~> 0.6)
      multi_json (~> 1.0)
    addressable (2.3.2)
    akami (1.2.0)
      gyoku (>= 0.4.0)
      nokogiri (>= 1.4.0)
    bagit (0.2.0)
      validatable (~> 1.6)
    builder (3.0.4)
    capistrano (2.13.4)
      highline
      net-scp (>= 1.0.0)
      net-sftp (>= 2.0.0)
      net-ssh (>= 2.0.14)
      net-ssh-gateway (>= 1.1.0)
    childprocess (0.3.6)
      ffi (~> 1.0, >= 1.0.6)
    confstruct (0.2.5)
    daemons (1.1.9)
    deprecation (0.0.5)
      activesupport
    diff-lcs (1.1.3)
    dor-services (3.16.0)
      active-fedora (>= 4.0.0)
      active-fedora (>= 4.0.0.rc20)
      confstruct (>= 0.2.2)
      dor-workflow-service
      druid-tools (>= 0.2.1)
      equivalent-xml (>= 0.2.2)
      json
      lyber-utils
      moab-versioning (>= 0.8.7)
      net-sftp
      net-ssh
      nokogiri (~> 1.5.0)
      om (>= 1.5.0)
      progressbar
      rest-client
      rsolr-client-cert (>= 0.5.1)
      rsolr-ext
      ruby-cache
      ruby-graphviz
      systemu
      uuidtools
      validatable
    dor-workflow-service (1.0.1)
      activesupport
      confstruct
      nokogiri
      rest-client
    druid-tools (0.2.1)
    equivalent-xml (0.2.9)
      nokogiri (>= 1.4.3)
    erubis (2.7.0)
    fakeweb (1.3.0)
    fastercsv (1.5.5)
    ffi (1.1.5)
    grit (2.5.0)
      diff-lcs (~> 1.1)
      mime-types (~> 1.15)
      posix-spawn (~> 0.3.6)
    gyoku (0.4.6)
      builder (>= 2.1.2)
    happymapper (0.4.0)
      libxml-ruby (~> 2.0)
    hashery (2.1.0)
    highline (1.6.15)
    hike (1.2.1)
    hooks (0.2.1)
    httpi (1.1.1)
      rack
    i18n (0.6.1)
    jettywrapper (1.3.2)
      activesupport (>= 3.0.0)
      childprocess
      i18n
      logger
      mediashelf-loggable
    journey (1.0.4)
    json (1.7.7)
    libxml-ruby (2.6.0)
    logger (1.2.8)
    lyber-core (2.2.1)
      actionpack
      activeresource (>= 3.2.6)
      activesupport (>= 3.2.6)
      bagit (>= 0.1.0)
      daemons
      dor-services (>= 3.9.0)
      nokogiri (~> 1.5.0)
      stomp
      systemu (>= 1.2.0)
      validatable
    lyber-utils (0.1.2)
      bagit (>= 0.1.0)
      nokogiri (>= 1.4.3.1)
      systemu (>= 1.2.0)
      validatable
    lyberteam-capistrano-devel (1.1.1)
      actionmailer
      capistrano (>= 2.11.0)
      grit
      net-ssh-kerberos
      rake (>= 0.8.7)
      rest-client
    lyberteam-devel (1.0.1)
      lyberteam-capistrano-devel (~> 1.0, >= 1.0.7)
      lyberteam-gems-devel (~> 1.0, >= 1.0.1)
    lyberteam-gems-devel (1.0.1)
      rake (>= 0.8.7)
      rest-client
    mail (2.4.4)
      i18n (>= 0.4.0)
      mime-types (~> 1.16)
      treetop (~> 1.4.8)
    mediashelf-loggable (0.4.9)
    mime-types (1.19)
    moab-versioning (1.2.6)
      confstruct
      happymapper
      hashery (>= 2.0.0)
      json
      nokogiri
      systemu
    multi_json (1.3.6)
    net-scp (1.0.4)
      net-ssh (>= 1.99.1)
    net-sftp (2.0.5)
      net-ssh (>= 2.0.9)
    net-ssh (2.6.1)
    net-ssh-gateway (1.1.0)
      net-ssh (>= 1.99.1)
    net-ssh-kerberos (0.2.7)
      net-ssh (>= 2.0)
    nokogiri (1.5.9)
    nori (1.1.3)
    om (1.7.0.rc2)
      activemodel
      activesupport
      mediashelf-loggable
      nokogiri (>= 1.4.2)
    polyglot (0.3.3)
    posix-spawn (0.3.6)
    progressbar (0.11.0)
    rack (1.4.1)
    rack-cache (1.2)
      rack (>= 0.4)
    rack-test (0.6.2)
      rack (>= 1.0)
    rake (0.9.2.2)
    rcov (1.0.0)
    rdf (0.3.8)
      addressable (>= 2.2.6)
    rdf-rdfxml (0.3.8)
      rdf (>= 0.3.4)
      rdf-xsd (>= 0.3.5)
    rdf-xsd (0.3.8)
      rdf (>= 0.3.4)
    rest-client (1.6.7)
      mime-types (>= 1.16)
    rsolr (1.0.8)
      builder (>= 2.1.2)
    rsolr-client-cert (0.5.2)
      rest-client
      rsolr
    rsolr-ext (1.0.3)
      rsolr (>= 1.0.2)
    rspec (2.11.0)
      rspec-core (~> 2.11.0)
      rspec-expectations (~> 2.11.0)
      rspec-mocks (~> 2.11.0)
    rspec-core (2.11.1)
    rspec-expectations (2.11.3)
      diff-lcs (~> 1.1.3)
    rspec-mocks (2.11.3)
    ruby-cache (0.3.0)
    ruby-graphviz (1.0.8)
    rubydora (0.5.13)
      activemodel
      activesupport
      deprecation
      fastercsv
      hooks
      mime-types
      nokogiri
      rest-client
      savon
    savon (1.2.0)
      akami (~> 1.2.0)
      builder (>= 2.1.2)
      gyoku (~> 0.4.5)
      httpi (~> 1.1.0)
      nokogiri (>= 1.4.0)
      nori (~> 1.1.0)
      wasabi (~> 2.5.0)
    solrizer (2.0.0.rc1)
      daemons
      mediashelf-loggable (~> 0.4.7)
      nokogiri
      om (>= 1.5.0)
      stomp
      xml-simple
    sprockets (2.1.3)
      hike (~> 1.2)
      rack (~> 1.0)
      tilt (~> 1.1, != 1.3.0)
    stomp (1.2.6)
    sys-filesystem (1.1.0)
      ffi
    systemu (2.5.2)
    tilt (1.3.3)
    treetop (1.4.11)
      polyglot
      polyglot (>= 0.3.1)
    uuidtools (2.1.3)
    validatable (1.6.7)
    wasabi (2.5.1)
      httpi (~> 1.0)
      nokogiri (>= 1.4.0)
    xml-simple (1.1.2)
    yard (0.8.3)

PLATFORMS
  ruby

DEPENDENCIES
  active-fedora
  confstruct
  dor-services
  druid-tools
  equivalent-xml
  fakeweb
  jettywrapper
  lyber-core
  lyberteam-devel (>= 1.0.0)
  moab-versioning (>= 1.2.6)
  nokogiri
  rake (>= 0.8.7)
  rcov
  rest-client
  rspec (> 2)
  sys-filesystem
  yard
