GEM
  remote: http://rubygems.org/
  remote: http://sulair-rails-dev.stanford.edu/
  specs:
    actionpack (2.3.9)
      activesupport (= 2.3.9)
      rack (~> 1.1.0)
    active-fedora (2.1.0)
      active-fedora
      activeresource
      equivalent-xml
      mediashelf-loggable
      mime-types (>= 1.16)
      multipart-post
      nokogiri
      om (>= 1.0)
      solr-ruby (>= 0.0.6)
      solrizer (> 1.0.0)
      xml-simple (>= 1.0.12)
    activeresource (2.3.9)
      activesupport (= 2.3.9)
    activesupport (2.3.9)
    bagit (0.1.0)
      semver (~> 0.1.0)
    daemons (1.1.3)
    equivalent-xml (0.2.6)
      nokogiri (>= 1.4.3)
    fakeweb (1.3.0)
    jettywrapper (0.0.3)
    lyber-core (0.9.8)
      actionpack
      active-fedora (>= 1.2.6)
      bagit (>= 0.1.0)
      nokogiri (= 1.4.3.1)
      solr-ruby (>= 0.0.8)
      solrizer (>= 0.3.1)
      stomp
      systemu (>= 1.2.0)
      validatable
    mediashelf-loggable (0.4.2)
    mime-types (1.16)
    multipart-post (1.0.1)
    nokogiri (1.4.3.1)
    om (1.2.4)
      nokogiri (>= 1.4.2)
      om
    rack (1.1.2)
    rake (0.8.7)
    rcov (0.9.8)
    rest-client (1.6.1)
      mime-types (>= 1.16)
    rspec (1.3.0)
    semver (0.1.0)
    solr-ruby (0.0.8)
    solrizer (1.0.4)
      daemons
      mediashelf-loggable
      mediashelf-loggable
      nokogiri
      nokogiri
      nokogiri
      om
      om (>= 1.0.0)
      stomp
      xml-simple
    stomp (1.1.8)
    systemu (2.2.0)
    validatable (1.6.7)
    xml-simple (1.0.12)
    yard (0.7.2)

PLATFORMS
  ruby

DEPENDENCIES
  active-fedora
  bagit (>= 0.1.0)
  fakeweb
  jettywrapper
  lyber-core (= 0.9.8)
  nokogiri
  rake (>= 0.8.7)
  rcov
  rest-client
  rspec (< 2.0)
  yard (>= 0.7.2)
