GEM
  remote: http://rubygems.org/
  specs:
    activesupport (3.2.19)
      i18n (~> 0.6, >= 0.6.4)
      multi_json (~> 1.0)
    awesome_print (1.2.0)
    blue-daemons (1.1.11)
    bluepill (0.0.68)
      activesupport (>= 3, < 5)
      blue-daemons (~> 1.1.11)
      i18n (~> 0.5)
      state_machine (~> 1.1)
    capistrano (3.2.1)
      i18n
      rake (>= 10.0.0)
      sshkit (~> 1.3)
    capistrano-bundler (1.1.2)
      capistrano (~> 3.0)
      sshkit (~> 1.2)
    capistrano-holepicker (0.0.1)
      capistrano (~> 3.0)
      holepicker
    capistrano-one_time_key (0.0.1)
      capistrano (~> 3.0)
    capistrano-releaseboard (0.0.1)
      faraday
    capistrano-rvm (0.1.1)
      capistrano (~> 3.0)
      sshkit (~> 1.2)
    coderay (1.1.0)
    columnize (0.8.9)
    confstruct (0.2.7)
    debugger (1.6.8)
      columnize (>= 0.3.1)
      debugger-linecache (~> 1.2.0)
      debugger-ruby_core_source (~> 1.3.5)
    debugger-linecache (1.2.0)
    debugger-ruby_core_source (1.3.5)
    diff-lcs (1.2.5)
    dor-workflow-service (1.7.1)
      activesupport (~> 3.2)
      confstruct (~> 0.2.7)
      nokogiri (~> 1.6.0)
      rest-client (~> 1.6.7)
    druid-tools (0.3.0)
    equivalent-xml (0.4.2)
      nokogiri (>= 1.4.3)
    fakeweb (1.3.0)
    faraday (0.9.0)
      multipart-post (>= 1.2, < 3)
    ffi (1.9.3)
    happymapper (0.4.1)
      libxml-ruby (~> 2.0)
    hashery (2.1.1)
    holepicker (0.3.3)
      json (~> 1.8)
      rainbow (~> 2.0)
    i18n (0.6.11)
    json (1.8.1)
    json_pure (1.8.1)
    libxml-ruby (2.7.0)
    lyber-core (3.2.2)
      dor-workflow-service (~> 1.6, >= 1.6.3)
    lyberteam-capistrano-devel (3.0.0)
      capistrano (~> 3.0)
      capistrano-holepicker
      capistrano-one_time_key
      capistrano-releaseboard
    method_source (0.8.2)
    mime-types (1.25.1)
    mini_portile (0.6.0)
    moab-versioning (1.3.3)
      confstruct
      happymapper
      hashery (>= 2.0.0)
      json
      nokogiri
      systemu
    mono_logger (1.1.0)
    multi_json (1.10.1)
    multipart-post (2.0.0)
    net-scp (1.2.1)
      net-ssh (>= 2.6.5)
    net-ssh (2.9.0)
    nokogiri (1.6.3.1)
      mini_portile (= 0.6.0)
    pry (0.9.12.6)
      coderay (~> 1.0)
      method_source (~> 0.8)
      slop (~> 3.4)
    pry-debugger (0.2.2)
      debugger (~> 1.3)
      pry (~> 0.9.10)
    rack (1.5.2)
    rack-protection (1.5.3)
      rack
    rainbow (2.0.0)
    rake (10.3.1)
    rdoc (4.1.1)
      json (~> 1.4)
    redis (3.1.0)
    redis-namespace (1.5.0)
      redis (~> 3.0, >= 3.0.4)
    resque (1.25.2)
      mono_logger (~> 1.0)
      multi_json (~> 1.0)
      redis-namespace (~> 1.3)
      sinatra (>= 0.9.2)
      vegas (~> 0.1.2)
    rest-client (1.6.8)
      mime-types (~> 1.16)
      rdoc (>= 2.4.2)
    robot-controller (0.3.7)
      bluepill (~> 0.0.67)
      resque (~> 1.25.2)
    rspec (2.14.1)
      rspec-core (~> 2.14.0)
      rspec-expectations (~> 2.14.0)
      rspec-mocks (~> 2.14.0)
    rspec-core (2.14.8)
    rspec-expectations (2.14.5)
      diff-lcs (>= 1.1.3, < 2.0)
    rspec-mocks (2.14.6)
    sdr-replication (0.3.0)
      json_pure
      moab-versioning (~> 1.3)
      rest-client
      systemu
    simplecov (0.7.1)
      multi_json (~> 1.0)
      simplecov-html (~> 0.7.1)
    simplecov-html (0.7.1)
    sinatra (1.4.5)
      rack (~> 1.4)
      rack-protection (~> 1.4)
      tilt (~> 1.3, >= 1.3.4)
    slop (3.5.0)
    sshkit (1.4.0)
      net-scp (>= 1.1.2)
      net-ssh (>= 2.8.0)
      term-ansicolor
    state_machine (1.2.0)
    sys-filesystem (1.1.2)
      ffi
    systemu (2.6.4)
    term-ansicolor (1.3.0)
      tins (~> 1.0)
    tilt (1.4.1)
    tins (1.2.0)
    vegas (0.1.11)
      rack (>= 1.0.0)
    yard (0.8.7.4)

PLATFORMS
  ruby

DEPENDENCIES
  awesome_print
  capistrano (~> 3.1)
  capistrano-bundler (~> 1.1)
  capistrano-rvm (~> 0.1)
  confstruct
  dor-workflow-service (~> 1.7)
  druid-tools
  equivalent-xml
  fakeweb
  json_pure
  lyber-core (~> 3.2, >= 3.2.2)
  lyberteam-capistrano-devel (~> 3.0)
  moab-versioning (~> 1.3.3)
  nokogiri
  pry-debugger (= 0.2.2)
  rake
  rest-client
  robot-controller (~> 0.3, >= 0.3.7)
  rspec (~> 2.14)
  sdr-replication (>= 0.3.0)
  simplecov (~> 0.7.1)
  sys-filesystem
  yard
